GEM
  remote: https://rubygems.org/
  specs:
    dbf (2.0.6)
      fastercsv (~> 1.5.4)
    fastercsv (1.5.5)
    rack (1.5.2)
    rgeo (0.3.20)
    rgeo-geojson (0.2.3)
      rgeo (>= 0.3.7)
    rgeo-shapefile (0.2.3)
      dbf (>= 1.7.0)
      rgeo (>= 0.3.3)

PLATFORMS
  ruby

DEPENDENCIES
  rack
  rgeo
  rgeo-geojson
  rgeo-shapefile
